PATH
  remote: .
  specs:
    wudoc (0.0.0)
      parser
      pry
      pry-doc
      redcarpet

GEM
  remote: https://rubygems.org/
  specs:
    ast (2.4.1)
    coderay (1.1.3)
    diff-lcs (1.4.4)
    method_source (1.0.0)
    parser (2.7.1.4)
      ast (~> 2.4.1)
    pry (0.13.1)
      coderay (~> 1.1)
      method_source (~> 1.0)
    pry-doc (1.1.0)
      pry (~> 0.11)
      yard (~> 0.9.11)
    redcarpet (3.5.0)
    rspec (3.9.0)
      rspec-core (~> 3.9.0)
      rspec-expectations (~> 3.9.0)
      rspec-mocks (~> 3.9.0)
    rspec-core (3.9.2)
      rspec-support (~> 3.9.3)
    rspec-expectations (3.9.2)
      diff-lcs (>= 1.2.0, < 2.0)
      rspec-support (~> 3.9.0)
    rspec-mocks (3.9.1)
      diff-lcs (>= 1.2.0, < 2.0)
      rspec-support (~> 3.9.0)
    rspec-support (3.9.3)
    yard (0.9.25)

PLATFORMS
  ruby

DEPENDENCIES
  rspec
  wudoc!

BUNDLED WITH
   2.1.4
